PATH
  remote: .
  specs:

GEM
  remote: https://rubygems.org/
  specs:
    rake (10.3.2)

PLATFORMS
  ruby

DEPENDENCIES
  check_appointments!
  rake

BUNDLED WITH
   1.11.2
